GEM
  remote: https://rubygems.org/
  specs:
    date (3.3.3)
    nokogiri (1.16.2-arm64-darwin)
      racc (~> 1.4)
    nokogiri (1.16.2-x86_64-linux)
      racc (~> 1.4)
    open-uri (0.3.0)
      stringio
      time
      uri
    racc (1.7.3)
    rexml (3.2.6)
    rss (0.2.9)
      rexml
    stringio (3.0.7)
    time (0.2.2)
      date
    uri (0.12.2)

PLATFORMS
  arm64-darwin-22
  x86_64-linux

DEPENDENCIES
  nokogiri
  open-uri
  rss

RUBY VERSION
   ruby 3.2.2p53

BUNDLED WITH
   2.4.10
