GEM
  remote: https://rubygems.org/
  specs:
    date (3.4.1)
    nokogiri (1.18.7-arm64-darwin)
      racc (~> 1.4)
    nokogiri (1.18.7-x86_64-linux-gnu)
      racc (~> 1.4)
    open-uri (0.5.0)
      stringio
      time
      uri
    racc (1.8.1)
    rexml (3.4.1)
    rss (0.3.1)
      rexml
    stringio (3.1.3)
    time (0.4.1)
      date
    uri (1.0.2)

PLATFORMS
  arm64-darwin-22
  x86_64-linux

DEPENDENCIES
  nokogiri
  open-uri
  rss

RUBY VERSION
   ruby 3.2.2p53

BUNDLED WITH
   2.4.10
